PATH
  remote: ../bloc_record
  specs:
    bloc_record (0.0.0)
      paint (~> 2.0.1)
      sqlite3 (~> 1.3)

GEM
  remote: https://rubygems.org/
  specs:
    paint (2.0.1)
    sqlite3 (1.3.13)

PLATFORMS
  ruby

DEPENDENCIES
  bloc_record!

BUNDLED WITH
   1.15.3
